GEM
  remote: https://rubygems.org/
  specs:
    agoo (2.14.1)
    sequel (5.53.0)
    zeitwerk (2.5.4)

PLATFORMS
  x86_64-darwin-20

DEPENDENCIES
  agoo
  sequel
  zeitwerk

BUNDLED WITH
   2.3.3
