GEM
  remote: https://rubygems.org/
  specs:
    agoo (2.14.1)
    oj (3.13.11)
    rake (13.0.6)
    sequel (5.53.0)
    sqlite3 (1.4.2)
    zeitwerk (2.5.4)

PLATFORMS
  x86_64-darwin-20

DEPENDENCIES
  agoo
  oj
  rake
  sequel
  sqlite3
  zeitwerk

BUNDLED WITH
   2.3.3
